GEM
  remote: https://rubygems.org/
  specs:
    actionpack (3.2.13)
      activemodel (= 3.2.13)
      activesupport (= 3.2.13)
      builder (~> 3.0.0)
      erubis (~> 2.7.0)
      journey (~> 1.0.4)
      rack (~> 1.4.5)
      rack-cache (~> 1.2)
      rack-test (~> 0.6.1)
      sprockets (~> 2.2.1)
    activemodel (3.2.13)
      activesupport (= 3.2.13)
      builder (~> 3.0.0)
    activesupport (3.2.13)
      i18n (= 0.6.1)
      multi_json (~> 1.0)
    bootstrap-sass (2.3.1.0)
      sass (~> 3.2)
    builder (3.0.4)
    chunky_png (1.2.8)
    coffee-script (2.2.0)
      coffee-script-source
      execjs
    coffee-script-source (1.3.3)
    compass (0.12.2)
      chunky_png (~> 1.2)
      fssm (>= 0.2.7)
      sass (~> 3.1)
    compass-susy-plugin (0.9)
      compass (>= 0.11.1)
    erubis (2.7.0)
    execjs (1.4.0)
      multi_json (~> 1.0)
    fssm (0.2.10)
    haml (4.0.2)
      tilt
    hike (1.2.2)
    http_router (0.10.2)
      rack (>= 1.0.0)
      url_mount (~> 0.2.1)
    i18n (0.6.1)
    journey (1.0.4)
    json (1.7.7)
    listen (0.7.3)
    maruku (0.6.1)
      syntax (>= 1.0.0)
    middleman (3.0.13)
      middleman-core (= 3.0.13)
      middleman-more (= 3.0.13)
      middleman-sprockets (~> 3.0.8)
    middleman-core (3.0.13)
      activesupport (~> 3.2.6)
      bundler (~> 1.1)
      listen (~> 0.7.3)
      rack (~> 1.4.1)
      rack-test (~> 0.6.1)
      rb-fsevent (~> 0.9.3)
      thor (~> 0.15.4)
      tilt (~> 1.3.6)
    middleman-deploy (0.0.11)
      middleman-core (>= 3.0.0)
      ptools
    middleman-more (3.0.13)
      coffee-script (~> 2.2.0)
      coffee-script-source (~> 1.3.3)
      compass (>= 0.12.2)
      execjs (~> 1.4.0)
      haml (>= 3.1.6)
      i18n (~> 0.6.0, < 0.6.2)
      maruku (~> 0.6.0)
      middleman-core (= 3.0.13)
      padrino-helpers (= 0.10.7)
      sass (>= 3.1.20)
      uglifier (~> 1.2.6)
    middleman-sprockets (3.0.11)
      middleman-more (>= 3.0.11)
      sprockets (~> 2.1)
      sprockets-sass (~> 0.9.1)
    multi_json (1.7.2)
    padrino-core (0.10.7)
      activesupport (~> 3.2.0)
      http_router (~> 0.10.2)
      sinatra (~> 1.3.1)
      thor (~> 0.15.2)
      tilt (~> 1.3.0)
    padrino-helpers (0.10.7)
      i18n (~> 0.6)
      padrino-core (= 0.10.7)
    ptools (1.2.2)
    rack (1.4.5)
    rack-cache (1.2)
      rack (>= 0.4)
    rack-protection (1.5.0)
      rack
    rack-ssl (1.3.3)
      rack
    rack-test (0.6.2)
      rack (>= 1.0)
    railties (3.2.13)
      actionpack (= 3.2.13)
      activesupport (= 3.2.13)
      rack-ssl (~> 1.3.2)
      rake (>= 0.8.7)
      rdoc (~> 3.4)
      thor (>= 0.14.6, < 2.0)
    rake (10.0.4)
    rb-fsevent (0.9.3)
    rdoc (3.12.2)
      json (~> 1.4)
    sass (3.2.7)
    sass-rails (3.2.6)
      railties (~> 3.2.0)
      sass (>= 3.1.10)
      tilt (~> 1.3)
    sinatra (1.3.6)
      rack (~> 1.4)
      rack-protection (~> 1.3)
      tilt (~> 1.3, >= 1.3.3)
    sprockets (2.2.2)
      hike (~> 1.2)
      multi_json (~> 1.0)
      rack (~> 1.0)
      tilt (~> 1.1, != 1.3.0)
    sprockets-sass (0.9.1)
      sprockets (~> 2.0)
      tilt (~> 1.1)
    syntax (1.0.0)
    thor (0.15.4)
    tilt (1.3.7)
    uglifier (1.2.7)
      execjs (>= 0.3.0)
      multi_json (~> 1.3)
    url_mount (0.2.1)
      rack

PLATFORMS
  ruby

DEPENDENCIES
  bootstrap-sass
  compass-susy-plugin
  middleman (~> 3.0.0.rc.3)
  middleman-deploy
  sass-rails
